GEM
  remote: https://rubygems.org/
  specs:
    diff-lcs (1.1.3)
    gemcutter (0.7.0)
    git (1.2.5)
    jeweler (1.6.4)
      bundler (~> 1.0)
      git (>= 1.2.5)
      rake
    rake (0.9.2.2)
    rdiscount (1.6.8)
    rspec (2.7.0)
      rspec-core (~> 2.7.0)
      rspec-expectations (~> 2.7.0)
      rspec-mocks (~> 2.7.0)
    rspec-core (2.7.1)
    rspec-expectations (2.7.0)
      diff-lcs (~> 1.1.2)
    rspec-mocks (2.7.0)
    yard (0.7.3)

PLATFORMS
  ruby

DEPENDENCIES
  gemcutter
  jeweler
  rake
  rdiscount
  rspec
  yard
